GIT
  remote: https://github.com/nightsailer/padrino-sprockets.git
  revision: ae18862677fe8a6fe36c85dbc5b016ed919421ba
  specs:
    padrino-sprockets (0.0.3)
      sprockets

GEM
  remote: https://rubygems.org/
  specs:
    POpen4 (0.1.4)
      Platform (>= 0.4.0)
      open4
    Platform (0.4.0)
    activemodel (4.2.7)
      activesupport (= 4.2.7)
      builder (~> 3.1)
    activesupport (4.2.7)
      i18n (~> 0.7)
      json (~> 1.7, >= 1.7.7)
      minitest (~> 5.1)
      thread_safe (~> 0.3, >= 0.3.4)
      tzinfo (~> 1.1)
    bson (4.1.1)
    builder (3.2.2)
    coderay (1.1.1)
    concurrent-ruby (1.0.2)
    diff-lcs (1.2.5)
    dotenv (2.1.1)
    enumerable-lazy (0.0.1)
    execjs (2.7.0)
    haml (4.0.7)
      tilt
    i18n (0.7.0)
    json (1.8.3)
    libv8 (3.16.14.15)
    mail (2.6.4)
      mime-types (>= 1.16, < 4)
    method_source (0.8.2)
    mime-types (2.99.2)
    minitest (5.9.0)
    moneta (0.7.20)
    mongo (2.2.6)
      bson (~> 4.0)
      pry
    mongoid (5.1.3)
      activemodel (~> 4.0)
      mongo (~> 2.1)
      origin (~> 2.2)
      tzinfo (>= 0.3.37)
    multi_json (1.12.1)
    mustermann19 (0.4.4)
      enumerable-lazy
    open4 (1.3.4)
    origin (2.2.0)
    padrino (0.13.2)
      padrino-admin (= 0.13.2)
      padrino-cache (= 0.13.2)
      padrino-core (= 0.13.2)
      padrino-gen (= 0.13.2)
      padrino-helpers (= 0.13.2)
      padrino-mailer (= 0.13.2)
      padrino-support (= 0.13.2)
    padrino-admin (0.13.2)
      padrino-core (= 0.13.2)
      padrino-helpers (= 0.13.2)
    padrino-cache (0.13.2)
      moneta (~> 0.7.0)
      padrino-core (= 0.13.2)
      padrino-helpers (= 0.13.2)
    padrino-core (0.13.2)
      activesupport (>= 3.1)
      mustermann19
      padrino-support (= 0.13.2)
      rack-protection (>= 1.5.0)
      sinatra (~> 1.4.6)
      thor (~> 0.18)
    padrino-gen (0.13.2)
      bundler (~> 1.0)
      padrino-core (= 0.13.2)
    padrino-helpers (0.13.2)
      i18n (~> 0.6, >= 0.6.7)
      padrino-support (= 0.13.2)
      tilt (>= 1.4.1, < 3)
    padrino-mailer (0.13.2)
      mail (~> 2.5)
      mime-types (< 3)
      padrino-core (= 0.13.2)
    padrino-support (0.13.2)
      activesupport (>= 3.1)
    pry (0.10.4)
      coderay (~> 1.1.0)
      method_source (~> 0.8.1)
      slop (~> 3.4)
    rack (1.6.4)
    rack-protection (1.5.3)
      rack
    rack-test (0.6.3)
      rack (>= 1.0)
    rake (11.2.2)
    ref (2.0.0)
    rspec (3.5.0)
      rspec-core (~> 3.5.0)
      rspec-expectations (~> 3.5.0)
      rspec-mocks (~> 3.5.0)
    rspec-core (3.5.1)
      rspec-support (~> 3.5.0)
    rspec-expectations (3.5.0)
      diff-lcs (>= 1.2.0, < 2.0)
      rspec-support (~> 3.5.0)
    rspec-mocks (3.5.0)
      diff-lcs (>= 1.2.0, < 2.0)
      rspec-support (~> 3.5.0)
    rspec-support (3.5.0)
    sinatra (1.4.7)
      rack (~> 1.5)
      rack-protection (~> 1.4)
      tilt (>= 1.3, < 3)
    slop (3.6.0)
    sprockets (3.7.0)
      concurrent-ruby (~> 1.0)
      rack (> 1, < 3)
    therubyracer (0.12.2)
      libv8 (~> 3.16.14.0)
      ref
    thor (0.19.1)
    thread_safe (0.3.5)
    tilt (2.0.5)
    tzinfo (1.2.2)
      thread_safe (~> 0.1)
    uglifier (2.1.1)
      execjs (>= 0.3.0)
      multi_json (~> 1.0, >= 1.0.2)
    yui-compressor (0.9.6)
      POpen4 (>= 0.1.4)

PLATFORMS
  ruby

DEPENDENCIES
  dotenv
  haml
  mongoid (>= 3.0.0)
  padrino (= 0.13.2)
  padrino-sprockets!
  rack-test
  rake
  rspec
  therubyracer
  uglifier (= 2.1.1)
  yui-compressor (= 0.9.6)

BUNDLED WITH
   1.12.5
